GEM
  remote: https://rubygems.org/
  specs:
    minitest (5.0.6)
    puma (2.3.2)
      rack (>= 1.1, < 2.0)
    rack (1.5.2)
    rack-protection (1.5.0)
      rack
    rake (10.0.4)
    rdiscount (2.1.6)
    sinatra (1.4.3)
      rack (~> 1.4)
      rack-protection (~> 1.4)
      tilt (~> 1.3, >= 1.3.4)
    tilt (1.4.1)

PLATFORMS
  ruby

DEPENDENCIES
  minitest
  puma
  rake
  rdiscount
  sinatra
