GEM
  remote: https://rubygems.org/
  specs:
    minitest (5.9.0)
    puma (3.6.0)
    rack (1.6.4)
    rack-protection (1.5.3)
      rack
    rake (10.5.0)
    rdiscount (2.2.0.1)
    sinatra (1.4.7)
      rack (~> 1.5)
      rack-protection (~> 1.4)
      tilt (>= 1.3, < 3)
    tilt (2.0.5)

PLATFORMS
  ruby

DEPENDENCIES
  minitest (~> 5.0)
  puma (~> 3.6.0)
  rake (~> 10.1)
  rdiscount (~> 2.2.0)
  sinatra (~> 1.4.7)

BUNDLED WITH
   1.12.5
